PATH
  remote: .
  specs:
    translit (0.1.5)

GEM
  remote: http://rubygems.org/
  specs:
    diff-lcs (1.2.5)
    riot (0.12.5)
      rr
    rr (1.0.4)
    rspec (3.5.0)
      rspec-core (~> 3.5.0)
      rspec-expectations (~> 3.5.0)
      rspec-mocks (~> 3.5.0)
    rspec-core (3.5.3)
      rspec-support (~> 3.5.0)
    rspec-expectations (3.5.0)
      diff-lcs (>= 1.2.0, < 2.0)
      rspec-support (~> 3.5.0)
    rspec-mocks (3.5.0)
      diff-lcs (>= 1.2.0, < 2.0)
      rspec-support (~> 3.5.0)
    rspec-support (3.5.0)

PLATFORMS
  ruby

DEPENDENCIES
  riot
  rspec
  translit!

BUNDLED WITH
   1.15.4
